PATH
  remote: .
  specs:
    jets-gems (0.1.0)
      gems

GEM
  remote: https://rubygems.org/
  specs:
    diff-lcs (1.3)
    gems (1.1.1)
      json
    json (2.2.0)
    rake (10.5.0)
    rspec (3.8.0)
      rspec-core (~> 3.8.0)
      rspec-expectations (~> 3.8.0)
      rspec-mocks (~> 3.8.0)
    rspec-core (3.8.2)
      rspec-support (~> 3.8.0)
    rspec-expectations (3.8.4)
      diff-lcs (>= 1.2.0, < 2.0)
      rspec-support (~> 3.8.0)
    rspec-mocks (3.8.1)
      diff-lcs (>= 1.2.0, < 2.0)
      rspec-support (~> 3.8.0)
    rspec-support (3.8.2)

PLATFORMS
  ruby

DEPENDENCIES
  bundler
  jets-gems!
  rake (~> 10.0)
  rspec (~> 3.0)

BUNDLED WITH
   2.0.2
